PATH
  remote: .
  specs:
    local-fastimage_resize (3.0.0)
      RubyInline (>= 3.8.2)
      local-fastimage (>= 3.0.0)

GEM
  remote: https://rubygems.org/
  specs:
    RubyInline (3.12.4)
      ZenTest (~> 4.3)
    ZenTest (4.11.0)
    local-fastimage (3.0.0)
    minitest (5.9.0)
    rake (10.5.0)

PLATFORMS
  ruby

DEPENDENCIES
  bundler (~> 1.12)
  local-fastimage_resize!
  minitest (~> 5.0)
  rake (~> 10.0)

BUNDLED WITH
   1.12.5
