PATH
  remote: .
  specs:
    fastimage_resize (2.0.3)
      RubyInline (>= 3.8.2)
      fastimage (>= 1.2.9)

GEM
  remote: https://rubygems.org/
  specs:
    RubyInline (3.12.4)
      ZenTest (~> 4.3)
    ZenTest (4.11.0)
    addressable (2.4.0)
    fastimage (2.0.0)
      addressable (~> 2)
    minitest (5.9.0)
    rake (10.5.0)

PLATFORMS
  ruby

DEPENDENCIES
  bundler (~> 1.12)
  fastimage_resize!
  minitest (~> 5.0)
  rake (~> 10.0)

BUNDLED WITH
   1.12.5
